GEM
  remote: http://rubygems.org/
  specs:
    awesome_print (1.0.2)
    diff-lcs (1.1.3)
    git (1.2.5)
    jeweler (1.6.4)
      bundler (~> 1.0)
      git (>= 1.2.5)
      rake
    json (1.6.5)
    progressbar (0.9.2)
    rainbow (1.1.3)
    rake (0.9.2.2)
    rcov (0.9.11)
    rspec (2.3.0)
      rspec-core (~> 2.3.0)
      rspec-expectations (~> 2.3.0)
      rspec-mocks (~> 2.3.0)
    rspec-core (2.3.1)
    rspec-expectations (2.3.0)
      diff-lcs (~> 1.1.2)
    rspec-mocks (2.3.0)

PLATFORMS
  ruby

DEPENDENCIES
  awesome_print
  bundler (~> 1.0.0)
  jeweler (~> 1.6.4)
  json
  progressbar
  rainbow
  rcov
  rspec (~> 2.3.0)
