PATH
  remote: .
  specs:
    ciphersurfer (1.4.0)
      httpclient
      rainbow

GEM
  remote: https://rubygems.org/
  specs:
    httpclient (2.8.3)
    rainbow (3.0.0)
    rake (13.0.1)

PLATFORMS
  ruby

DEPENDENCIES
  bundler
  ciphersurfer!
  rake

BUNDLED WITH
   2.1.4
