PATH
  remote: .
  specs:
    ciphersurfer (1.2.0)
      httpclient
      rainbow

GEM
  remote: https://rubygems.org/
  specs:
    httpclient (2.2.4)
    rainbow (1.1.3)
    rake (0.9.2.2)

PLATFORMS
  ruby

DEPENDENCIES
  bundler (~> 1.5)
  ciphersurfer!
  rake
